GIT
  remote: https://github.com/activescaffold/active_scaffold.git
  revision: 4c8840dacb3b624315251ca27486fee0732a8e96
  specs:
    active_scaffold (3.6.0.pre)
      cow_proxy (~> 0.3)
      ice_nine (~> 0.11)
      rails (>= 4.2.0)
      request_store (~> 1.3)

GIT
  remote: https://github.com/gems-uff/carrierwave-activerecord.git
  revision: 8e7d00759eb7a3e5329708b47aa55968b3e7e453
  branch: rails61
  specs:
    carrierwave-activerecord (0.1.0rc18)
      activerecord (~> 6.1)
      carrierwave (>= 0.10.0)

GIT
  remote: https://github.com/gems-uff/clamsy.git
  revision: 4a05fd211f9c058279d9261e7e04911160d8ace0
  branch: rails5
  specs:
    clamsy (0.0.5)
      ftools
      gjman (>= 0.1.0)
      nokogiri (>= 1.4.1)
      rghost (>= 0.8.7.2)
      rubyzip (>= 0.9.4)
      zip-zip (>= 0.3)

GEM
  remote: https://rubygems.org/
  specs:
    actioncable (6.1.7.5)
      actionpack (= 6.1.7.5)
      activesupport (= 6.1.7.5)
      nio4r (~> 2.0)
      websocket-driver (>= 0.6.1)
    actionmailbox (6.1.7.5)
      actionpack (= 6.1.7.5)
      activejob (= 6.1.7.5)
      activerecord (= 6.1.7.5)
      activestorage (= 6.1.7.5)
      activesupport (= 6.1.7.5)
      mail (>= 2.7.1)
    actionmailer (6.1.7.5)
      actionpack (= 6.1.7.5)
      actionview (= 6.1.7.5)
      activejob (= 6.1.7.5)
      activesupport (= 6.1.7.5)
      mail (~> 2.5, >= 2.5.4)
      rails-dom-testing (~> 2.0)
    actionpack (6.1.7.5)
      actionview (= 6.1.7.5)
      activesupport (= 6.1.7.5)
      rack (~> 2.0, >= 2.0.9)
      rack-test (>= 0.6.3)
      rails-dom-testing (~> 2.0)
      rails-html-sanitizer (~> 1.0, >= 1.2.0)
    actiontext (6.1.7.5)
      actionpack (= 6.1.7.5)
      activerecord (= 6.1.7.5)
      activestorage (= 6.1.7.5)
      activesupport (= 6.1.7.5)
      nokogiri (>= 1.8.5)
    actionview (6.1.7.5)
      activesupport (= 6.1.7.5)
      builder (~> 3.1)
      erubi (~> 1.4)
      rails-dom-testing (~> 2.0)
      rails-html-sanitizer (~> 1.1, >= 1.2.0)
    active_scaffold_duplicate (1.1.3)
      active_scaffold (>= 3.6.0.pre)
    activejob (6.1.7.5)
      activesupport (= 6.1.7.5)
      globalid (>= 0.3.6)
    activemodel (6.1.7.5)
      activesupport (= 6.1.7.5)
    activerecord (6.1.7.5)
      activemodel (= 6.1.7.5)
      activesupport (= 6.1.7.5)
    activerecord-session_store (2.0.0)
      actionpack (>= 5.2.4.1)
      activerecord (>= 5.2.4.1)
      multi_json (~> 1.11, >= 1.11.2)
      rack (>= 2.0.8, < 3)
      railties (>= 5.2.4.1)
    activestorage (6.1.7.5)
      actionpack (= 6.1.7.5)
      activejob (= 6.1.7.5)
      activerecord (= 6.1.7.5)
      activesupport (= 6.1.7.5)
      marcel (~> 1.0)
      mini_mime (>= 1.1.0)
    activesupport (6.1.7.5)
      concurrent-ruby (~> 1.0, >= 1.0.2)
      i18n (>= 1.6, < 2)
      minitest (>= 5.1)
      tzinfo (~> 2.0)
      zeitwerk (~> 2.3)
    addressable (2.8.0)
      public_suffix (>= 2.0.2, < 5.0)
    awesome_print (1.8.0)
    bcrypt (3.1.18)
    better_errors (2.9.1)
      coderay (>= 1.0.0)
      erubi (>= 1.0.0)
      rack (>= 0.9.0)
    binding_of_caller (0.8.0)
      debug_inspector (>= 0.0.1)
    builder (3.2.4)
    byebug (11.1.3)
    cancancan (3.1.0)
    carrierwave (2.2.2)
      activemodel (>= 5.0.0)
      activesupport (>= 5.0.0)
      addressable (~> 2.6)
      image_processing (~> 1.1)
      marcel (~> 1.0.0)
      mini_mime (>= 0.1.3)
      ssrf_filter (~> 1.0)
    choice (0.2.0)
    coderay (1.1.3)
    coffee-rails (5.0.0)
      coffee-script (>= 2.2.0)
      railties (>= 5.2.0)
    coffee-script (2.4.1)
      coffee-script-source
      execjs
    coffee-script-source (1.12.2)
    concurrent-ruby (1.2.2)
    cow_proxy (0.3.3)
    crass (1.0.6)
    database_cleaner-active_record (2.0.1)
      activerecord (>= 5.a)
      database_cleaner-core (~> 2.0.0)
    database_cleaner-core (2.0.1)
    date (3.3.3)
    debug_inspector (0.0.3)
    devise (4.9.2)
      bcrypt (~> 3.0)
      orm_adapter (~> 0.1)
      railties (>= 4.1.0)
      responders
      warden (~> 1.2.3)
    devise_invitable (2.0.5)
      actionmailer (>= 5.0)
      devise (>= 4.6)
    diff-lcs (1.3)
    docile (1.4.0)
    erubi (1.12.0)
    et-orbi (1.2.4)
      tzinfo
    exception_notification (4.5.0)
      actionmailer (>= 5.2, < 8)
      activesupport (>= 5.2, < 8)
    execjs (2.7.0)
    factory_bot (6.1.0)
      activesupport (>= 5.0.0)
    factory_bot_rails (6.1.0)
      factory_bot (~> 6.1.0)
      railties (>= 5.0.0)
    ffi (1.12.2)
    ffi (1.12.2-x86-mingw32)
    font-awesome-rails (4.7.0.8)
      railties (>= 3.2, < 8.0)
    ftools (0.0.0)
    fugit (1.3.4)
      et-orbi (~> 1.1, >= 1.1.8)
      raabro (~> 1.1)
    gjman (0.1.0)
    globalid (1.1.0)
      activesupport (>= 5.0)
    i18n (1.13.0)
      concurrent-ruby (~> 1.0)
    ice_nine (0.11.2)
    image_processing (1.12.2)
      mini_magick (>= 4.9.5, < 5)
      ruby-vips (>= 2.0.17, < 3)
    jbuilder (2.10.0)
      activesupport (>= 5.0.0)
    jquery-rails (4.4.0)
      rails-dom-testing (>= 1, < 3)
      railties (>= 4.2.0)
      thor (>= 0.14, < 2.0)
    jquery-ui-rails (6.0.1)
      railties (>= 3.2.16)
    json (2.5.1)
    kaminari (1.2.1)
      activesupport (>= 4.1.0)
      kaminari-actionview (= 1.2.1)
      kaminari-activerecord (= 1.2.1)
      kaminari-core (= 1.2.1)
    kaminari-actionview (1.2.1)
      actionview
      kaminari-core (= 1.2.1)
    kaminari-activerecord (1.2.1)
      activerecord
      kaminari-core (= 1.2.1)
    kaminari-core (1.2.1)
    launchy (2.5.0)
      addressable (~> 2.7)
    letter_opener (1.7.0)
      launchy (~> 2.2)
    letter_opener_web (1.4.0)
      actionmailer (>= 3.2)
      letter_opener (~> 1.0)
      railties (>= 3.2)
    loofah (2.19.1)
      crass (~> 1.0.2)
      nokogiri (>= 1.5.9)
    mail (2.8.1)
      mini_mime (>= 0.1.1)
      net-imap
      net-pop
      net-smtp
    marcel (1.0.2)
    method_source (1.0.0)
    mime-types (3.3.1)
      mime-types-data (~> 3.2015)
    mime-types-data (3.2021.0704)
    mini_magick (4.11.0)
    mini_mime (1.1.2)
    mini_portile2 (2.8.2)
    minitest (5.19.0)
    multi_json (1.15.0)
    mysql2 (0.5.4)
    net-imap (0.3.4)
      date
      net-protocol
    net-pop (0.1.2)
      net-protocol
    net-protocol (0.2.1)
      timeout
    net-smtp (0.3.3)
      net-protocol
    nio4r (2.5.9)
    nokogiri (1.14.3)
      mini_portile2 (~> 2.8.0)
      racc (~> 1.4)
    nokogiri (1.14.3-x86-mingw32)
      racc (~> 1.4)
    odf-report (0.7.0)
      mime-types
      nokogiri (>= 1.10.0)
      rubyzip (>= 1.3.0)
    orm_adapter (0.5.0)
    paper_trail (14.0.0)
      activerecord (>= 6.0)
      request_store (~> 1.4)
    pdf-core (0.7.0)
    prawn (2.2.2)
      pdf-core (~> 0.7.0)
      ttfunk (~> 1.5)
    prawn-rails (1.3.0)
      prawn
      prawn-table
      rails (>= 3.1.0)
    prawn-table (0.2.2)
      prawn (>= 1.3.0, < 3.0.0)
    public_suffix (4.0.6)
    raabro (1.1.6)
    racc (1.7.1)
    rack (2.2.6.4)
    rack-test (2.1.0)
      rack (>= 1.3)
    rails (6.1.7.5)
      actioncable (= 6.1.7.5)
      actionmailbox (= 6.1.7.5)
      actionmailer (= 6.1.7.5)
      actionpack (= 6.1.7.5)
      actiontext (= 6.1.7.5)
      actionview (= 6.1.7.5)
      activejob (= 6.1.7.5)
      activemodel (= 6.1.7.5)
      activerecord (= 6.1.7.5)
      activestorage (= 6.1.7.5)
      activesupport (= 6.1.7.5)
      bundler (>= 1.15.0)
      railties (= 6.1.7.5)
      sprockets-rails (>= 2.0.0)
    rails-dom-testing (2.0.3)
      activesupport (>= 4.2.0)
      nokogiri (>= 1.6)
    rails-erd (1.6.0)
      activerecord (>= 4.2)
      activesupport (>= 4.2)
      choice (~> 0.2.0)
      ruby-graphviz (~> 1.2)
    rails-html-sanitizer (1.5.0)
      loofah (~> 2.19, >= 2.19.1)
    railties (6.1.7.5)
      actionpack (= 6.1.7.5)
      activesupport (= 6.1.7.5)
      method_source
      rake (>= 12.2)
      thor (~> 1.0)
    rake (13.0.6)
    rdoc (6.3.1)
    recordselect (3.10.1)
      rails (>= 4.0.0)
    redcarpet (3.5.1)
    request_store (1.5.0)
      rack (>= 1.4)
    responders (3.1.0)
      actionpack (>= 5.2)
      railties (>= 5.2)
    rexml (3.2.5)
    rghost (0.9.7)
    rspec-collection_matchers (1.2.0)
      rspec-expectations (>= 2.99.0.beta1)
    rspec-core (3.9.1)
      rspec-support (~> 3.9.1)
    rspec-expectations (3.9.1)
      diff-lcs (>= 1.2.0, < 2.0)
      rspec-support (~> 3.9.0)
    rspec-mocks (3.9.1)
      diff-lcs (>= 1.2.0, < 2.0)
      rspec-support (~> 3.9.0)
    rspec-rails (4.0.0)
      actionpack (>= 4.2)
      activesupport (>= 4.2)
      railties (>= 4.2)
      rspec-core (~> 3.9)
      rspec-expectations (~> 3.9)
      rspec-mocks (~> 3.9)
      rspec-support (~> 3.9)
    rspec-support (3.9.2)
    ruby-graphviz (1.2.5)
      rexml
    ruby-vips (2.1.4)
      ffi (~> 1.12)
    rubyzip (1.3.0)
    rufus-scheduler (3.6.0)
      fugit (~> 1.1, >= 1.1.6)
    sass-rails (6.0.0)
      sassc-rails (~> 2.1, >= 2.1.1)
    sassc (2.3.0)
      ffi (~> 1.9)
    sassc-rails (2.1.2)
      railties (>= 4.0.0)
      sassc (>= 2.0)
      sprockets (> 3.0)
      sprockets-rails
      tilt
    sdoc (1.1.0)
      rdoc (>= 5.0)
    shoulda-matchers (5.0.0)
      activesupport (>= 5.2.0)
    simple-navigation (4.3.0)
      activesupport (>= 2.3.2)
    simplecov (0.21.2)
      docile (~> 1.1)
      simplecov-html (~> 0.11)
      simplecov_json_formatter (~> 0.1)
    simplecov-html (0.12.3)
    simplecov_json_formatter (0.1.3)
    spring (2.1.0)
    sprockets (4.2.0)
      concurrent-ruby (~> 1.0)
      rack (>= 2.2.4, < 4)
    sprockets-rails (3.4.2)
      actionpack (>= 5.2)
      activesupport (>= 5.2)
      sprockets (>= 3.0.0)
    sql-parser (0.0.2)
      racc
    sqlite3 (1.4.2)
    ssrf_filter (1.0.7)
    thor (1.2.1)
    tilt (2.0.10)
    timeliness (0.3.10)
    timeout (0.3.2)
    ttfunk (1.6.2.1)
    tzinfo (2.0.6)
      concurrent-ruby (~> 1.0)
    uglifier (4.2.0)
      execjs (>= 0.3.0, < 3)
    validates_timeliness (3.0.15)
      timeliness (~> 0.3.7)
    warden (1.2.9)
      rack (>= 2.0.9)
    webrick (1.6.1)
    websocket-driver (0.7.5)
      websocket-extensions (>= 0.1.0)
    websocket-extensions (0.1.5)
    zeitwerk (2.6.11)
    zip-zip (0.3)
      rubyzip (>= 1.0.0)

PLATFORMS
  ruby
  x86-mingw32

DEPENDENCIES
  actionpack
  actionview
  active_scaffold!
  active_scaffold_duplicate (>= 1.1.0)
  activerecord-session_store
  activestorage
  activesupport
  awesome_print
  better_errors
  binding_of_caller
  byebug
  cancancan
  carrierwave (~> 2.2.2)
  carrierwave-activerecord!
  clamsy!
  coffee-rails
  database_cleaner-active_record
  devise (~> 4.9)
  devise_invitable (~> 2.0.0)
  exception_notification (~> 4.5)
  factory_bot_rails
  ffi (>= 1.9.24)
  font-awesome-rails (~> 4.7, >= 4.7.0.8)
  i18n (~> 1.13.0)
  jbuilder
  jquery-rails (>= 4.0.4)
  jquery-ui-rails
  json
  kaminari
  letter_opener_web
  loofah (~> 2.19.1)
  mail (~> 2.8.1)
  mysql2 (~> 0.5.4)
  nokogiri (~> 1.14.3)
  odf-report
  paper_trail (~> 14.0)
  prawn
  prawn-rails
  prawn-table
  rack (~> 2.2.6)
  rails (~> 6.1, >= 6.1.7.3)
  rails-erd
  rails-html-sanitizer
  rake (~> 13.0, >= 13.0.6)
  rdoc
  recordselect
  redcarpet
  rspec-collection_matchers
  rspec-rails
  rubyzip (~> 1.3.0)
  rufus-scheduler
  sass-rails
  sdoc
  shoulda-matchers
  simple-navigation
  simplecov
  spring
  sql-parser
  sqlite3
  uglifier
  validates_timeliness (~> 3.0.14)
  webrick

RUBY VERSION
   ruby 2.7.1p83

BUNDLED WITH
   2.1.4
